PATH
  remote: .
  specs:
    moip (1.0.1)

GEM
  remote: http://rubygems.org/
  specs:
    crack (0.1.8)
    diff-lcs (1.1.2)
    httparty (0.6.1)
      crack (= 0.1.8)
    nokogiri (1.4.3.1)
    rspec (2.1.0)
      rspec-core (~> 2.1.0)
      rspec-expectations (~> 2.1.0)
      rspec-mocks (~> 2.1.0)
    rspec-core (2.1.0)
    rspec-expectations (2.1.0)
      diff-lcs (~> 1.1.2)
    rspec-mocks (2.1.0)

PLATFORMS
  ruby

DEPENDENCIES
  httparty
  moip!
  nokogiri
  rspec
